GEM
  remote: https://rubygems.org/
  specs:
    json (1.8.1)
    rdoc (4.1.1)
      json (~> 1.4)
    sdoc (0.4.0)
      json (~> 1.8)
      rdoc (~> 4.0, < 5.0)

PLATFORMS
  ruby

DEPENDENCIES
  sdoc
